GEM
  remote: https://rubygems.org/
  specs:
    autoprefixer-rails (6.0.3)
      execjs
      json
    execjs (2.6.0)
    json (1.8.3)
    rainbow (2.0.0)
    sass (3.4.18)
    scss_lint (0.42.2)
      rainbow (~> 2.0)
      sass (~> 3.4.15)

PLATFORMS
  ruby

DEPENDENCIES
  autoprefixer-rails (~> 6.0.3)
  sass (~> 3.4.18)
  scss_lint (~> 0.42.2)

BUNDLED WITH
   1.10.6
