GEM
  remote: https://rubygems.org/
  specs:
    autoprefixer-rails (5.1.7.1)
      execjs
      json
    execjs (2.4.0)
    json (1.8.2)
    rainbow (2.0.0)
    sass (3.4.13)
    scss-lint (0.34.0)
      rainbow (~> 2.0)
      sass (~> 3.4.1)

PLATFORMS
  ruby

DEPENDENCIES
  autoprefixer-rails (~> 5.1.7.1)
  sass (~> 3.4.13)
  scss-lint (~> 0.34.0)
